GEM
  remote: https://rubygems.org/
  specs:
    addressable (2.3.8)
    json-schema (2.6.0)
      addressable (~> 2.3.8)

PLATFORMS
  ruby

DEPENDENCIES
  json-schema (= 2.6)

BUNDLED WITH
   1.11.2
